NUGET
  remote: https://api.nuget.org/v3/index.json
    Fable.Browser.Blob (1.2) - restriction: >= netstandard2.0
      Fable.Core (>= 3.0) - restriction: >= netstandard2.0
      FSharp.Core (>= 4.7.2) - restriction: >= netstandard2.0
    Fable.Browser.Dom (2.10)
      Fable.Browser.Blob (>= 1.2) - restriction: >= netstandard2.0
      Fable.Browser.Event (>= 1.5) - restriction: >= netstandard2.0
      Fable.Browser.WebStorage (>= 1.1) - restriction: >= netstandard2.0
      Fable.Core (>= 3.2.8) - restriction: >= netstandard2.0
      FSharp.Core (>= 4.7.2) - restriction: >= netstandard2.0
    Fable.Browser.Event (1.5) - restriction: >= netstandard2.0
      Fable.Browser.Gamepad (>= 1.1) - restriction: >= netstandard2.0
      Fable.Core (>= 3.0) - restriction: >= netstandard2.0
      FSharp.Core (>= 4.7.2) - restriction: >= netstandard2.0
    Fable.Browser.Gamepad (1.1) - restriction: >= netstandard2.0
      Fable.Core (>= 3.0) - restriction: >= netstandard2.0
      FSharp.Core (>= 4.7.2) - restriction: >= netstandard2.0
    Fable.Browser.WebStorage (1.1) - restriction: >= netstandard2.0
      Fable.Browser.Event (>= 1.5) - restriction: >= netstandard2.0
      Fable.Core (>= 3.0) - restriction: >= netstandard2.0
      FSharp.Core (>= 4.7.2) - restriction: >= netstandard2.0
    Fable.Core (3.7.1)
    FSharp.Core (6.0.5)
  remote: ../../../logseq-fable/src/bin/Debug
    logseq-fable (1.0.0)
      Fable.Core (3.7.1) - restriction: >= net6.0
      FSharp.Core (>= 6.0.5) - restriction: >= net6.0
