RESTRICTION: == net6.0
NUGET
  remote: https://api.nuget.org/v3/index.json
    Fable.Core (3.7.1)
    FSharp.Core (6.0.5)
  remote: ../../../logseq-fable/src/bin/Debug
    logseq-fable (1.0.0)
      Fable.Core (3.7.1)
      FSharp.Core (>= 6.0.5)
