NUGET
  remote: https://api.nuget.org/v3/index.json
    Fable.Core (3.7.1)
    FSharp.Core (6.0.5)
